GEM
  remote: https://rubygems.org/
  specs:
    fastimage (1.5.0)
    mini_magick (3.6.0)
      subexec (~> 0.2.1)
    rack (1.5.2)
    rack-protection (1.5.0)
      rack
    sinatra (1.4.2)
      rack (~> 1.5, >= 1.5.2)
      rack-protection (~> 1.4)
      tilt (~> 1.3, >= 1.3.4)
    slim (2.0.0)
      temple (~> 0.6.5)
      tilt (~> 1.3, >= 1.3.3)
    subexec (0.2.3)
    temple (0.6.5)
    tilt (1.4.1)

PLATFORMS
  ruby

DEPENDENCIES
  fastimage (= 1.5.0)
  mini_magick (= 3.6.0)
  sinatra (= 1.4.2)
  slim (= 2.0.0)
